GEM
  remote: https://rubygems.org/
  specs:
    backports (3.6.4)
    bson (1.12.3)
    bson_ext (1.12.3)
      bson (~> 1.12.3)
    foreman (0.78.0)
      thor (~> 0.19.1)
    kgio (2.9.3)
    mongo (1.12.3)
      bson (= 1.12.3)
    multi_json (1.11.1)
    rack (1.6.4)
    rack-protection (1.5.3)
      rack
    rack-test (0.6.3)
      rack (>= 1.0)
    raindrops (0.14.0)
    sass (3.4.15)
    sinatra (1.4.6)
      rack (~> 1.4)
      rack-protection (~> 1.4)
      tilt (>= 1.3, < 3)
    sinatra-contrib (1.4.5)
      backports (>= 2.0)
      multi_json
      rack-protection
      rack-test
      sinatra (~> 1.4.0)
      tilt (>= 1.3, < 3)
    thor (0.19.1)
    tilt (2.0.1)
    unicorn (4.9.0)
      kgio (~> 2.6)
      rack
      raindrops (~> 0.7)

PLATFORMS
  ruby

DEPENDENCIES
  bson_ext
  foreman
  mongo
  sass
  sinatra
  sinatra-contrib
  unicorn

BUNDLED WITH
   1.10.5
